GEM
  remote: https://rubygems.org/
  specs:
    intercom (3.5.1)
      json (~> 1.8)
    json (1.8.3)
    rack (1.6.4)
    rack-protection (1.5.3)
      rack
    rake (10.4.2)
    sinatra (1.4.7)
      rack (~> 1.5)
      rack-protection (~> 1.4)
      tilt (>= 1.3, < 3)
    sinatra-flash (0.3.0)
      sinatra (>= 1.0.0)
    tilt (2.0.5)

PLATFORMS
  ruby

DEPENDENCIES
  intercom
  rake
  sinatra
  sinatra-flash

BUNDLED WITH
   1.11.2
